GEM
  remote: https://rubygems.org/
  specs:
    bson (1.12.5)
    bson_ext (1.12.5)
      bson (~> 1.12.5)
    concurrent-ruby (1.1.10)
    et-orbi (1.1.6)
      tzinfo
    faraday (0.15.4)
      multipart-post (>= 1.2, < 3)
    fugit (1.1.6)
      et-orbi (~> 1.1, >= 1.1.6)
      raabro (~> 1.1)
    haml (5.0.4)
      temple (>= 0.8.0)
      tilt
    multi_json (1.15.0)
    multipart-post (2.2.3)
    mustermann (3.0.0)
      ruby2_keywords (~> 0.0.1)
    prometheus-client (0.8.0)
      quantile (~> 0.2.1)
    puma (3.12.0)
    quantile (0.2.1)
    raabro (1.1.6)
    rack (2.2.4)
    rack-protection (3.0.4)
      rack
    ruby2_keywords (0.0.5)
    rufus-scheduler (3.5.2)
      fugit (~> 1.1, >= 1.1.5)
    sinatra (3.0.4)
      mustermann (~> 3.0)
      rack (~> 2.2, >= 2.2.4)
      rack-protection (= 3.0.4)
      tilt (~> 2.0)
    sinatra-contrib (3.0.4)
      multi_json
      mustermann (~> 3.0)
      rack-protection (= 3.0.4)
      sinatra (= 3.0.4)
      tilt (~> 2.0)
    sucker_punch (2.1.2)
      concurrent-ruby (~> 1.0)
    temple (0.8.0)
    tilt (2.0.11)
    tzinfo (2.0.5)
      concurrent-ruby (~> 1.0)
    tzinfo-data (1.2018.7)
      tzinfo (>= 1.0.0)
    zipkin-tracer (0.48.0)
      faraday (>= 0.13, < 3.0)
      rack (>= 1.0)
      sucker_punch (~> 2.0)

PLATFORMS
  ruby

DEPENDENCIES
  bson_ext
  faraday
  haml
  prometheus-client
  puma
  rack (>= 2.0.6)
  rufus-scheduler
  sinatra (~> 3.0.4)
  sinatra-contrib
  tzinfo-data
  zipkin-tracer

BUNDLED WITH
   1.17.2
